GEM
  remote: https://rubygems.org/
  specs:
    minitest (5.14.2)
    ruby-progressbar (1.10.1)
    thor (1.0.1)
    yard (0.9.25)

PLATFORMS
  ruby

DEPENDENCIES
  minitest
  ruby-progressbar
  thor
  yard

BUNDLED WITH
   2.1.4
